GIT
  remote: https://github.com/tongueroo/jets.git
  revision: acb44d84781dc9f3eb9c5421f5544920f3e7fcc0
  branch: master
  submodules: true
  specs:
    jets (2.3.14)
      actionmailer (~> 6.0.0)
      actionpack (~> 6.0.0)
      actionview (~> 6.0.0)
      activerecord (~> 6.0.0)
      activesupport (~> 6.0.0)
      aws-mfa-secure (~> 0.4.0)
      aws-sdk-apigateway
      aws-sdk-cloudformation
      aws-sdk-cloudwatchlogs
      aws-sdk-dynamodb
      aws-sdk-kinesis
      aws-sdk-lambda
      aws-sdk-s3
      aws-sdk-sns
      aws-sdk-sqs
      aws-sdk-ssm
      cfn_camelizer (~> 0.4.6)
      cfnresponse
      dotenv
      gems
      hashie
      jets-gems
      jets-html-sanitizer
      json
      kramdown
      memoist
      mimemagic
      rack
      railties (~> 6.0.0)
      rainbow
      recursive-open-struct
      shotgun
      text-table
      thor
      zeitwerk

GEM
  remote: https://rubygems.org/
  specs:
    actionmailer (6.0.2.2)
      actionpack (= 6.0.2.2)
      actionview (= 6.0.2.2)
      activejob (= 6.0.2.2)
      mail (~> 2.5, >= 2.5.4)
      rails-dom-testing (~> 2.0)
    actionpack (6.0.2.2)
      actionview (= 6.0.2.2)
      activesupport (= 6.0.2.2)
      rack (~> 2.0, >= 2.0.8)
      rack-test (>= 0.6.3)
      rails-dom-testing (~> 2.0)
      rails-html-sanitizer (~> 1.0, >= 1.2.0)
    actionview (6.0.2.2)
      activesupport (= 6.0.2.2)
      builder (~> 3.1)
      erubi (~> 1.4)
      rails-dom-testing (~> 2.0)
      rails-html-sanitizer (~> 1.1, >= 1.2.0)
    active_model_serializers (0.10.10)
      actionpack (>= 4.1, < 6.1)
      activemodel (>= 4.1, < 6.1)
      case_transform (>= 0.2)
      jsonapi-renderer (>= 0.1.1.beta1, < 0.3)
    activejob (6.0.2.2)
      activesupport (= 6.0.2.2)
      globalid (>= 0.3.6)
    activemodel (6.0.2.2)
      activesupport (= 6.0.2.2)
    activerecord (6.0.2.2)
      activemodel (= 6.0.2.2)
      activesupport (= 6.0.2.2)
    activesupport (6.0.2.2)
      concurrent-ruby (~> 1.0, >= 1.0.2)
      i18n (>= 0.7, < 2)
      minitest (~> 5.1)
      tzinfo (~> 1.1)
      zeitwerk (~> 2.2)
    addressable (2.7.0)
      public_suffix (>= 2.0.2, < 5.0)
    ast (2.4.0)
    aws-eventstream (1.0.3)
    aws-mfa-secure (0.4.0)
      activesupport
      aws-sdk-core
      aws_config
      memoist
      rainbow
      thor
      zeitwerk
    aws-partitions (1.286.0)
    aws-sdk-apigateway (1.37.0)
      aws-sdk-core (~> 3, >= 3.71.0)
      aws-sigv4 (~> 1.1)
    aws-sdk-cloudformation (1.31.0)
      aws-sdk-core (~> 3, >= 3.71.0)
      aws-sigv4 (~> 1.1)
    aws-sdk-cloudwatchlogs (1.29.0)
      aws-sdk-core (~> 3, >= 3.71.0)
      aws-sigv4 (~> 1.1)
    aws-sdk-core (3.92.0)
      aws-eventstream (~> 1.0, >= 1.0.2)
      aws-partitions (~> 1, >= 1.239.0)
      aws-sigv4 (~> 1.1)
      jmespath (~> 1.0)
    aws-sdk-dynamodb (1.45.0)
      aws-sdk-core (~> 3, >= 3.71.0)
      aws-sigv4 (~> 1.1)
    aws-sdk-kinesis (1.21.0)
      aws-sdk-core (~> 3, >= 3.71.0)
      aws-sigv4 (~> 1.1)
    aws-sdk-kms (1.30.0)
      aws-sdk-core (~> 3, >= 3.71.0)
      aws-sigv4 (~> 1.1)
    aws-sdk-lambda (1.37.0)
      aws-sdk-core (~> 3, >= 3.71.0)
      aws-sigv4 (~> 1.1)
    aws-sdk-s3 (1.61.1)
      aws-sdk-core (~> 3, >= 3.83.0)
      aws-sdk-kms (~> 1)
      aws-sigv4 (~> 1.1)
    aws-sdk-sns (1.22.0)
      aws-sdk-core (~> 3, >= 3.71.0)
      aws-sigv4 (~> 1.1)
    aws-sdk-sqs (1.24.0)
      aws-sdk-core (~> 3, >= 3.71.0)
      aws-sigv4 (~> 1.1)
    aws-sdk-ssm (1.73.0)
      aws-sdk-core (~> 3, >= 3.71.0)
      aws-sigv4 (~> 1.1)
    aws-sigv4 (1.1.1)
      aws-eventstream (~> 1.0, >= 1.0.2)
    aws_config (0.1.0)
    builder (3.2.4)
    byebug (11.1.1)
    capybara (3.31.0)
      addressable
      mini_mime (>= 0.1.3)
      nokogiri (~> 1.8)
      rack (>= 1.6.0)
      rack-test (>= 0.6.3)
      regexp_parser (~> 1.5)
      xpath (~> 3.2)
    case_transform (0.2)
      activesupport
    cfn_camelizer (0.4.9)
      activesupport
      memoist
      rainbow
    cfnresponse (0.4.0)
    concurrent-ruby (1.1.6)
    crass (1.0.6)
    database_cleaner (1.8.3)
    database_cleaner-active_record (1.8.0)
      activerecord
      database_cleaner (~> 1.8.0)
    diff-lcs (1.3)
    docile (1.3.2)
    dotenv (2.7.5)
    dynomite (1.2.5)
      activesupport
      aws-sdk-dynamodb
      rainbow
    erubi (1.9.0)
    factory_bot (5.1.2)
      activesupport (>= 4.2.0)
    faker (2.11.0)
      i18n (>= 1.6, < 2)
    gems (1.2.0)
    globalid (0.4.2)
      activesupport (>= 4.2.0)
    hashie (4.1.0)
    i18n (1.8.2)
      concurrent-ruby (~> 1.0)
    jaro_winkler (1.5.4)
    jets-gems (0.2.2)
      gems
    jets-html-sanitizer (1.0.4)
      loofah (~> 2.2, >= 2.2.2)
    jmespath (1.4.0)
    json (2.3.0)
    jsonapi-renderer (0.2.2)
    kramdown (2.1.0)
    launchy (2.5.0)
      addressable (~> 2.7)
    loofah (2.4.0)
      crass (~> 1.0.2)
      nokogiri (>= 1.5.9)
    mail (2.7.1)
      mini_mime (>= 0.1.1)
    memoist (0.16.2)
    method_source (1.0.0)
    mimemagic (0.3.4)
    mini_mime (1.0.2)
    mini_portile2 (2.4.0)
    minitest (5.14.0)
    mysql2 (0.5.3)
    nio4r (2.5.2)
    nokogiri (1.10.9)
      mini_portile2 (~> 2.4.0)
    parallel (1.19.1)
    parser (2.7.0.5)
      ast (~> 2.4.0)
    public_suffix (4.0.3)
    puma (4.3.3)
      nio4r (~> 2.0)
    rack (2.2.2)
    rack-test (1.1.0)
      rack (>= 1.0, < 3)
    rails-dom-testing (2.0.3)
      activesupport (>= 4.2.0)
      nokogiri (>= 1.6)
    rails-html-sanitizer (1.3.0)
      loofah (~> 2.3)
    railties (6.0.2.2)
      actionpack (= 6.0.2.2)
      activesupport (= 6.0.2.2)
      method_source
      rake (>= 0.8.7)
      thor (>= 0.20.3, < 2.0)
    rainbow (3.0.0)
    rake (13.0.1)
    recursive-open-struct (1.1.1)
    regexp_parser (1.7.0)
    rexml (3.2.4)
    rspec (3.9.0)
      rspec-core (~> 3.9.0)
      rspec-expectations (~> 3.9.0)
      rspec-mocks (~> 3.9.0)
    rspec-core (3.9.1)
      rspec-support (~> 3.9.1)
    rspec-expectations (3.9.1)
      diff-lcs (>= 1.2.0, < 2.0)
      rspec-support (~> 3.9.0)
    rspec-mocks (3.9.1)
      diff-lcs (>= 1.2.0, < 2.0)
      rspec-support (~> 3.9.0)
    rspec-support (3.9.2)
    rubocop (0.80.1)
      jaro_winkler (~> 1.5.1)
      parallel (~> 1.10)
      parser (>= 2.7.0.1)
      rainbow (>= 2.2.2, < 4.0)
      rexml
      ruby-progressbar (~> 1.7)
      unicode-display_width (>= 1.4.0, < 1.7)
    rubocop-rails (2.5.1)
      activesupport
      rack (>= 1.1)
      rubocop (>= 0.72.0)
    rubocop-rspec (1.38.1)
      rubocop (>= 0.68.1)
    ruby-progressbar (1.10.1)
    shotgun (0.9.2)
      rack (>= 1.0)
    simplecov (0.18.5)
      docile (~> 1.1)
      simplecov-html (~> 0.11)
    simplecov-cobertura (1.3.1)
      simplecov (~> 0.8)
    simplecov-html (0.12.2)
    text-table (1.2.4)
    thor (1.0.1)
    thread_safe (0.3.6)
    tzinfo (1.2.6)
      thread_safe (~> 0.1)
    unicode-display_width (1.6.1)
    xpath (3.2.0)
      nokogiri (~> 1.8)
    zeitwerk (2.3.0)

PLATFORMS
  ruby

DEPENDENCIES
  active_model_serializers (~> 0.10.10)
  byebug
  capybara
  database_cleaner-active_record (~> 1.8)
  dynomite
  factory_bot (~> 5.1)
  faker (~> 2.11)
  jets!
  launchy
  mysql2 (~> 0.5.2)
  puma
  rack
  rspec
  rubocop (~> 0.80.1)
  rubocop-rails (~> 2.5)
  rubocop-rspec (~> 1.38)
  shotgun
  simplecov (~> 0.18.5)
  simplecov-cobertura (~> 1.3)

BUNDLED WITH
   2.1.4
